PATH
  remote: .
  specs:
    portal-assets (0.0.1)

GEM
  specs:
    rake (11.3.0)

PLATFORMS
  ruby

DEPENDENCIES
  bundler (~> 1.3)
  portal-assets!
  rake

BUNDLED WITH
   1.13.1
